PATH
  remote: ../
  specs:
    clearwater-crossroads (0.0.1)
      clearwater (> 0.9, < 2)

GEM
  remote: https://rubygems.org/
  specs:
    bowser (0.2.1)
      opal (>= 0.7.0, < 0.12.0)
    clearwater (1.0.0.rc4)
      bowser (~> 0.1)
      opal (~> 0.7)
    concurrent-ruby (1.0.2)
    hike (1.2.3)
    opal (0.10.2)
      hike (~> 1.2)
      sourcemap (~> 0.1.0)
      sprockets (~> 3.1)
      tilt (>= 1.4)
    rack (2.0.1)
    sourcemap (0.1.1)
    sprockets (3.7.0)
      concurrent-ruby (~> 1.0)
      rack (> 1, < 3)
    tilt (2.0.5)

PLATFORMS
  ruby

DEPENDENCIES
  clearwater (= 1.0.0.rc4)
  clearwater-crossroads!
  opal (= 0.10.2)

BUNDLED WITH
   1.13.3
